GEM
  remote: https://rubygems.org/
  specs:
    bower (0.0.2)
    chunky_png (1.3.1)
    compass (0.12.6)
      chunky_png (~> 1.2)
      fssm (>= 0.2.7)
      sass (~> 3.2.19)
    fssm (0.2.10)
    rb-fsevent (0.9.4)
    sass (3.2.19)

PLATFORMS
  ruby

DEPENDENCIES
  bower
  compass
  rb-fsevent (~> 0.9)
  sass
